GEM
  remote: https://rubygems.org/
  specs:
    diff-lcs (1.4.4)
    dotenv (2.7.2)
    json (2.3.1)
    mustermann (2.0.2)
      ruby2_keywords (~> 0.0.1)
    rack (2.2.4)
    rack-protection (2.2.3)
      rack
    rack-test (0.6.3)
      rack (>= 1.0)
    rspec (3.9.0)
      rspec-core (~> 3.9.0)
      rspec-expectations (~> 3.9.0)
      rspec-mocks (~> 3.9.0)
    rspec-core (3.9.2)
      rspec-support (~> 3.9.3)
    rspec-expectations (3.9.2)
      diff-lcs (>= 1.2.0, < 2.0)
      rspec-support (~> 3.9.0)
    rspec-mocks (3.9.1)
      diff-lcs (>= 1.2.0, < 2.0)
      rspec-support (~> 3.9.0)
    rspec-support (3.9.3)
    ruby2_keywords (0.0.5)
    sinatra (2.2.3)
      mustermann (~> 2.0)
      rack (~> 2.2)
      rack-protection (= 2.2.3)
      tilt (~> 2.0)
    slack-notifier (2.3.2)
    tilt (2.0.11)

PLATFORMS
  ruby

DEPENDENCIES
  dotenv
  json
  rack-test
  rspec
  sinatra (>= 2.0.2)
  slack-notifier

BUNDLED WITH
   1.17.3
